GEM
  specs:
    text-table (1.2.3)

PLATFORMS
  ruby
  x86-mingw32

DEPENDENCIES
  text-table
