GEM
  remote: https://rubygems.org/
  specs:
    equatable (0.5.0)
    necromancer (0.3.0)
    pastel (0.4.0)
      equatable (~> 0.5)
    tty (0.1.2)
      equatable (~> 0.5.0)
      necromancer (~> 0.3.0)
      pastel (~> 0.4.0)
      tty-progressbar (~> 0.2.0)
      tty-screen (~> 0.1.0)
      tty-spinner (~> 0.1.0)
    tty-progressbar (0.2.0)
    tty-screen (0.1.0)
    tty-spinner (0.1.0)

PLATFORMS
  ruby
  x86-mingw32

DEPENDENCIES
  tty (~> 0.1.2)
